GEM
  remote: https://rubygems.org/
  specs:
    dry-cli (1.2.0)

PLATFORMS
  ruby

DEPENDENCIES
  dry-cli

BUNDLED WITH
   2.1.4
